GEM
  specs:
    json (1.7.6)
    passgen (1.0.2)
    rack (1.4.3)
    rack-protection (1.3.2)
      rack
    sinatra (1.3.4)
      rack (~> 1.4)
      rack-protection (~> 1.3)
      tilt (~> 1.3, >= 1.3.3)
    tilt (1.3.3)

PLATFORMS
  x86-mingw32

DEPENDENCIES
  json (~> 1.7.6)
  passgen (~> 1.0.2)
  sinatra (~> 1.3.4)
